GEM
  remote: https://rubygems.org/
  specs:
    gosu (0.8.6)
    hasu (0.1.5)
      gosu

PLATFORMS
  ruby

DEPENDENCIES
  hasu

BUNDLED WITH
   1.10.3
